GEM
  remote: http://rubygems.org/
  specs:
    RedCloth (4.2.9)
    haml (3.1.7)
    nesta (0.9.13)
      RedCloth (~> 4.2)
      haml (~> 3.1)
      rack (~> 1.1)
      rdiscount (~> 1.6)
      sass (~> 3.1)
      shotgun (>= 0.8)
      sinatra (~> 1.3)
    nesta-plugin-foldable (0.0.4)
      nesta (>= 0.9.13)
    rack (1.4.1)
    rack-protection (1.2.0)
      rack
    rack-rewrite (1.3.1)
    rdiscount (1.6.8)
    sass (3.2.3)
    shotgun (0.9)
      rack (>= 1.0)
    sinatra (1.3.3)
      rack (~> 1.3, >= 1.3.6)
      rack-protection (~> 1.2)
      tilt (~> 1.3, >= 1.3.3)
    tilt (1.3.3)

PLATFORMS
  ruby

DEPENDENCIES
  RedCloth
  haml
  nesta
  nesta-plugin-foldable
  rack
  rack-rewrite
  rdiscount
  sass
  shotgun
  sinatra
  tilt
