GEM
  remote: http://rubygems.org/
  specs:
    RedCloth (4.2.9)
    haml (3.1.4)
    nesta (0.9.11)
      RedCloth (~> 4.2)
      haml (~> 3.1)
      rdiscount (~> 1.6)
      sass (~> 3.1)
      shotgun (>= 0.8)
      sinatra (= 1.2.6)
    rack (1.3.5)
    rack-rewrite (0.2.1)
    rdiscount (1.6.8)
    sass (3.1.11)
    shotgun (0.9)
      rack (>= 1.0)
    sinatra (1.2.6)
      rack (~> 1.1)
      tilt (>= 1.2.2, < 2.0)
    tilt (1.3.3)

PLATFORMS
  ruby

DEPENDENCIES
  RedCloth (= 4.2.9)
  haml (= 3.1.4)
  nesta (= 0.9.11)
  rack (= 1.3.5)
  rack-rewrite (= 0.2.1)
  rdiscount (= 1.6.8)
  sass (= 3.1.11)
  shotgun (= 0.9)
  sinatra (= 1.2.6)
  tilt (= 1.3.3)
